GIT
  remote: https://github.com/simplecov-ruby/simplecov
  revision: 0260b1f309e76c8ed87731ebbc348b05d753b8a2
  specs:
    simplecov (0.22.0)
      docile (~> 1.1)
      simplecov-html (~> 0.11)
      simplecov_json_formatter (~> 0.1)

PATH
  remote: .
  specs:
    simplecov-html (0.12.3)

GEM
  remote: https://rubygems.org/
  specs:
    ast (2.4.2)
    concurrent-ruby (1.3.4)
    docile (1.4.1)
    execjs (2.9.1)
    minitest (5.15.0)
    parallel (1.24.0)
    parser (3.3.4.2)
      ast (~> 2.4.1)
      racc
    racc (1.8.1)
    racc (1.8.1-java)
    rack (3.1.7)
    rainbow (3.1.1)
    rake (13.2.1)
    regexp_parser (2.9.2)
    rexml (3.3.6)
      strscan
    rubocop (1.28.2)
      parallel (~> 1.10)
      parser (>= 3.1.0.0)
      rainbow (>= 2.2.2, < 4.0)
      regexp_parser (>= 1.8, < 3.0)
      rexml
      rubocop-ast (>= 1.17.0, < 2.0)
      ruby-progressbar (~> 1.7)
      unicode-display_width (>= 1.4.0, < 3.0)
    rubocop-ast (1.17.0)
      parser (>= 3.1.1.0)
    rubocop-minitest (0.19.1)
      rubocop (>= 0.90, < 2.0)
    rubocop-performance (1.13.3)
      rubocop (>= 1.7.0, < 2.0)
      rubocop-ast (>= 0.4.0)
    rubocop-rake (0.6.0)
      rubocop (~> 1.0)
    ruby-progressbar (1.13.0)
    simplecov_json_formatter (0.1.4)
    sprockets (4.2.1)
      concurrent-ruby (~> 1.0)
      rack (>= 2.2.4, < 4)
    strscan (3.1.0)
    strscan (3.1.0-java)
    uglifier (4.2.0)
      execjs (>= 0.3.0, < 3)
    unicode-display_width (2.5.0)
    yui-compressor (0.12.0)

PLATFORMS
  arm64-darwin-22
  ruby
  universal-java-1.8

DEPENDENCIES
  minitest
  rake (>= 11)
  rubocop
  rubocop-minitest
  rubocop-performance
  rubocop-rake
  simplecov!
  simplecov-html!
  sprockets
  uglifier
  yui-compressor

BUNDLED WITH
   2.3.15
